PATH
  remote: .
  specs:
    keydown (0.9.0)
      coderay (~> 0.9.8)
      haml
      rdiscount (>= 1.6.8)
      sass
      thor
      tilt

GEM
  remote: http://rubygems.org/
  specs:
    chalofa_ruby-progressbar (0.0.9.1)
    coderay (0.9.8)
    diff-lcs (1.1.2)
    fuubar (0.0.4)
      chalofa_ruby-progressbar (~> 0.0.9)
      rspec (~> 2.0)
      rspec-instafail (~> 0.1.4)
    gem-release (0.0.16)
    haml (3.1.3)
    nokogiri (1.4.4)
    rdiscount (1.6.8)
    rspec (2.5.0)
      rspec-core (~> 2.5.0)
      rspec-expectations (~> 2.5.0)
      rspec-mocks (~> 2.5.0)
    rspec-core (2.5.1)
    rspec-expectations (2.5.0)
      diff-lcs (~> 1.1.2)
    rspec-instafail (0.1.7)
    rspec-mocks (2.5.0)
    sass (3.1.10)
    thor (0.14.6)
    tilt (1.3.3)

PLATFORMS
  ruby

DEPENDENCIES
  fuubar
  gem-release
  keydown!
  nokogiri
  rspec
